GEM
  remote: https://rubygems.org/
  specs:
    addressable (2.3.5)
    builder (3.0.0)
    childprocess (0.3.9)
      ffi (~> 1.0, >= 1.0.11)
    cucumber (1.2.1)
      builder (>= 2.1.2)
      diff-lcs (>= 1.1.3)
      gherkin (~> 2.11.0)
      json (>= 1.4.6)
    diff-lcs (1.1.3)
    ffi (1.9.3)
    ffi (1.9.3-x86-mingw32)
    gherkin (2.11.5)
      json (>= 1.4.6)
    gherkin (2.11.5-x86-mingw32)
      json (>= 1.4.6)
    headless (0.3.1)
    json (1.7.3)
    libwebsocket (0.1.8)
      addressable
      websocket
    multi_json (1.8.2)
    parallel (0.5.19)
    parallel_tests (0.8.14)
      parallel
    rspec (2.12.0)
      rspec-core (~> 2.12.0)
      rspec-expectations (~> 2.12.0)
      rspec-mocks (~> 2.12.0)
    rspec-core (2.12.0)
    rspec-expectations (2.12.0)
      diff-lcs (~> 1.1.3)
    rspec-mocks (2.12.0)
    rubyzip (0.9.8)
    selenium-webdriver (2.24.0)
      childprocess (>= 0.2.5)
      libwebsocket (~> 0.1.3)
      multi_json (~> 1.0)
      rubyzip
    test-factory (0.4.1)
      watir-webdriver (>= 0.6.2)
    watir-webdriver (0.6.4)
      selenium-webdriver (>= 2.18.0)
    websocket (1.1.1)

PLATFORMS
  ruby
  x86-mingw32

DEPENDENCIES
  cucumber (~> 1.2.1)
  headless (~> 0.3.1)
  parallel_tests (~> 0.8.14)
  rspec (~> 2.12.0)
  selenium-webdriver (~> 2.24.0)
  test-factory (~> 0.4.1)
  watir-webdriver (~> 0.6.2)
